GIT
  remote: https://7548f35ef688426e55c1d242a302da269ca3fc13:x-oauth-basic@github.com/MedXCom/license-to-kill.git
  revision: 83f469678f962afdf04f5206c03060c03301322b
  specs:
    license-to-kill (0.1.0)

GIT
  remote: https://7548f35ef688426e55c1d242a302da269ca3fc13:x-oauth-basic@github.com/MedXCom/unify-health.git
  revision: 8a57ad8931ac9f255158b332760ba889bd5bd7aa
  specs:
    unify-health (0.0.1)

GIT
  remote: https://github.com/Kjarrigan/flot-rails.git
  revision: c3b0cb2850f237e7db91ca58aa6f524f6dfea087
  specs:
    flot-rails (0.0.4)
      jquery-rails (>= 2.0.2)

GEM
  remote: http://rubygems.org/
  specs:
    actionmailer (3.1.0)
      actionpack (= 3.1.0)
      mail (~> 2.3.0)
    actionpack (3.1.0)
      activemodel (= 3.1.0)
      activesupport (= 3.1.0)
      builder (~> 3.0.0)
      erubis (~> 2.7.0)
      i18n (~> 0.6)
      rack (~> 1.3.2)
      rack-cache (~> 1.0.3)
      rack-mount (~> 0.8.2)
      rack-test (~> 0.6.1)
      sprockets (~> 2.0.0)
    activemodel (3.1.0)
      activesupport (= 3.1.0)
      bcrypt-ruby (~> 3.0.0)
      builder (~> 3.0.0)
      i18n (~> 0.6)
    activerecord (3.1.0)
      activemodel (= 3.1.0)
      activesupport (= 3.1.0)
      arel (~> 2.2.1)
      tzinfo (~> 0.3.29)
    activeresource (3.1.0)
      activemodel (= 3.1.0)
      activesupport (= 3.1.0)
    activesupport (3.1.0)
      multi_json (~> 1.0)
    addressable (2.3.8)
    airbrake (3.1.6)
      builder
      girl_friday
    akami (1.2.0)
      gyoku (>= 0.4.0)
      nokogiri (>= 1.4.0)
    apetag (1.1.5)
      cicphash (>= 1.0.0)
    apn_sender (1.0.5)
      resque
      resque-access_worker_from_job
    arel (2.2.3)
    authlogic (3.2.0)
      activerecord (>= 3.0.0)
      activesupport (>= 3.0.0)
    awesome_print (1.2.0)
    aws-sdk (1.66.0)
      aws-sdk-v1 (= 1.66.0)
    aws-sdk-core (2.0.48)
      builder (~> 3.0)
      jmespath (~> 1.0)
      multi_json (~> 1.0)
    aws-sdk-v1 (1.66.0)
      json (~> 1.4)
      nokogiri (>= 1.4.4)
    aws-sessionstore-dynamodb (0.5.1)
      aws-sdk-v1
      rack (~> 1.0)
    bcrypt-ruby (3.0.1)
    best_in_place (0.2.3)
      rails (>= 3.0.0)
    binding_of_caller (0.7.2)
      debug_inspector (>= 0.0.1)
    builder (3.0.4)
    capybara (2.4.4)
      mime-types (>= 1.16)
      nokogiri (>= 1.3.3)
      rack (>= 1.0.0)
      rack-test (>= 0.5.4)
      xpath (~> 2.0)
    capybara-email (2.4.0)
      capybara (~> 2.4)
      mail
    capybara-screenshot (1.0.11)
      capybara (>= 1.0, < 3)
      launchy
    celluloid (0.16.0)
      timers (~> 4.0.0)
    chargify_api_ares (1.0.5)
      activeresource (>= 3.0.0)
    childprocess (0.5.8)
      ffi (~> 1.0, >= 1.0.11)
    ci_reporter (2.0.0)
      builder (>= 2.1.2)
    ci_reporter_rspec (1.0.0)
      ci_reporter (~> 2.0)
      rspec (>= 2.14, < 4)
    cicphash (1.1.0)
    ckeditor (4.1.2)
      cocaine
      orm_adapter (~> 0.5.0)
    climate_control (0.0.3)
      activesupport (>= 3.0)
    cocaine (0.5.7)
      climate_control (>= 0.0.3, < 1.0)
    coderay (1.1.0)
    combined_time_select (1.0.1)
    connection_pool (0.9.2)
    daemons (1.1.9)
    database_cleaner (1.4.1)
    debug_inspector (0.0.2)
    diff-lcs (1.2.5)
    dynamic_form (1.1.4)
    erubis (2.7.0)
    ethon (0.5.10)
      ffi (~> 1.3.0)
      mime-types (~> 1.18)
    execjs (2.5.2)
    factory_girl (4.5.0)
      activesupport (>= 3.0.0)
    factory_girl_rails (4.5.0)
      factory_girl (~> 4.5.0)
      railties (>= 3.0.0)
    fastercsv (1.5.5)
    ffi (1.3.1)
    flacinfo-rb (1.0)
    geocoder (1.1.5)
    girl_friday (0.11.1)
      connection_pool (~> 0.9.0)
    gyoku (0.4.6)
      builder (>= 2.1.2)
    haml (3.1.7)
    hike (1.2.3)
    hirb (0.7.2)
    hitimes (1.2.2)
    httparty (0.13.7)
      json (~> 1.8)
      multi_xml (>= 0.5.2)
    httpi (1.1.1)
      rack
      rubinius-actor
    i18n (0.7.0)
    inifile (2.0.2)
    jmespath (1.0.2)
      multi_json (~> 1.0)
    jquery-colorbox-rails (0.1.4)
      railties (>= 3.1)
    jquery-migrate-rails (1.2.1)
    jquery-rails (2.3.0)
      railties (>= 3.0, < 5.0)
      thor (>= 0.14, < 2.0)
    jquery-timepicker-rails (1.4.3)
      railties (>= 3.1.0)
    jquery-ui-rails (4.0.3)
      jquery-rails
      railties (>= 3.1.0)
    jquery-ui-sass-rails (4.0.3.0)
      jquery-rails
      jquery-ui-rails (= 4.0.3)
      railties (>= 3.1.0)
    jquery-validation-rails (1.11.1)
      thor (~> 0.14)
    json (1.8.3)
    kaminari (0.16.3)
      actionpack (>= 3.0.0)
      activesupport (>= 3.0.0)
    launchy (2.4.3)
      addressable (~> 2.3)
    libv8 (3.16.14.13)
    mail (2.3.3)
      i18n (>= 0.4.0)
      mime-types (~> 1.16)
      treetop (~> 1.4.8)
    method_source (0.8.2)
    mime-types (1.25.1)
    mini_portile (0.6.2)
    moumar-wmainfo-rb (0.8)
    mp4info (1.7.3)
    multi_json (1.11.2)
    multi_xml (0.5.5)
    mysql2 (0.3.20)
    nokogiri (1.6.6.2)
      mini_portile (~> 0.6.0)
    nori (1.1.3)
    orm_adapter (0.5.0)
    paperclip (4.2.2)
      activemodel (>= 3.0.0)
      activesupport (>= 3.0.0)
      cocaine (~> 0.5.3)
      mime-types
    polyglot (0.3.5)
    pry (0.10.1)
      coderay (~> 1.1.0)
      method_source (~> 0.8.1)
      slop (~> 3.4)
    pry-nav (0.2.4)
      pry (>= 0.9.10, < 0.11.0)
    pry-stack_explorer (0.4.9.2)
      binding_of_caller (>= 0.7)
      pry (>= 0.9.11)
    rack (1.3.10)
    rack-cache (1.0.3)
      rack (>= 0.4)
    rack-mount (0.8.3)
      rack (>= 1.0.0)
    rack-ssl (1.3.4)
      rack
    rack-test (0.6.3)
      rack (>= 1.0)
    rails (3.1.0)
      actionmailer (= 3.1.0)
      actionpack (= 3.1.0)
      activerecord (= 3.1.0)
      activeresource (= 3.1.0)
      activesupport (= 3.1.0)
      bundler (~> 1.0)
      railties (= 3.1.0)
    rails3-jquery-autocomplete (1.0.10)
      rails (~> 3.0)
    railties (3.1.0)
      actionpack (= 3.1.0)
      activesupport (= 3.1.0)
      rack-ssl (~> 1.3.2)
      rake (>= 0.8.7)
      rdoc (~> 3.4)
      thor (~> 0.14.6)
    rake (11.1.2)
    rdoc (3.12.2)
      json (~> 1.4)
    redis (3.0.2)
    redis-namespace (1.2.1)
      redis (~> 3.0.0)
    ref (2.0.0)
    resque (1.23.0)
      multi_json (~> 1.0)
      redis-namespace (~> 1.0)
      sinatra (>= 0.9.2)
      vegas (~> 0.1.2)
    resque-access_worker_from_job (0.3.1)
      resque
    rspec (3.2.0)
      rspec-core (~> 3.2.0)
      rspec-expectations (~> 3.2.0)
      rspec-mocks (~> 3.2.0)
    rspec-core (3.2.3)
      rspec-support (~> 3.2.0)
    rspec-expectations (3.2.1)
      diff-lcs (>= 1.2.0, < 2.0)
      rspec-support (~> 3.2.0)
    rspec-mocks (3.2.1)
      diff-lcs (>= 1.2.0, < 2.0)
      rspec-support (~> 3.2.0)
    rspec-rails (3.2.3)
      actionpack (>= 3.0, < 4.3)
      activesupport (>= 3.0, < 4.3)
      railties (>= 3.0, < 4.3)
      rspec-core (~> 3.2.0)
      rspec-expectations (~> 3.2.0)
      rspec-mocks (~> 3.2.0)
      rspec-support (~> 3.2.0)
    rspec-support (3.2.2)
    rubinius-actor (0.0.2)
      rubinius-core-api
    rubinius-core-api (0.0.1)
    ruby-audioinfo (0.5.1)
      apetag (>= 1.1.4)
      flacinfo-rb (>= 0.4)
      moumar-wmainfo-rb (>= 0.7)
      mp4info (>= 1.7.3)
      ruby-mp3info (>= 0.8)
      ruby-ogginfo (>= 0.7)
      wavefile (>= 0.6.0)
    ruby-mp3info (0.8.6)
    ruby-ogginfo (0.7.2)
    rubyzip (1.1.7)
    sass (3.4.15)
    sass-rails (3.1.7)
      actionpack (~> 3.1.0)
      railties (~> 3.1.0)
      sass (>= 3.1.10)
      tilt (~> 1.3.2)
    savon (1.2.0)
      akami (~> 1.2.0)
      builder (>= 2.1.2)
      gyoku (~> 0.4.5)
      httpi (~> 1.1.0)
      nokogiri (>= 1.4.0)
      nori (~> 1.1.0)
      wasabi (~> 2.5.0)
    selenium-webdriver (2.48.1)
      childprocess (~> 0.5)
      multi_json (~> 1.0)
      rubyzip (~> 1.0)
      websocket (~> 1.0)
    shoryuken (1.0.3)
      aws-sdk-core (~> 2.0.21)
      celluloid (~> 0.16.0)
    sinatra (1.2.8)
      rack (~> 1.1)
      tilt (>= 1.2.2, < 2.0)
    slop (3.6.0)
    spring (1.3.6)
    sprockets (2.0.5)
      hike (~> 1.2)
      rack (~> 1.0)
      tilt (~> 1.1, != 1.3.0)
    therubyracer (0.12.2)
      libv8 (~> 3.16.14.0)
      ref
    thor (0.14.6)
    tilt (1.3.7)
    timecop (0.8.0)
    timers (4.0.1)
      hitimes
    treetop (1.4.15)
      polyglot
      polyglot (>= 0.3.1)
    typhoeus (0.6.2)
      ethon (~> 0.5.10)
    tzinfo (0.3.44)
    uglifier (2.7.1)
      execjs (>= 0.3.0)
      json (>= 1.8.0)
    vegas (0.1.11)
      rack (>= 1.0.0)
    wasabi (2.5.1)
      httpi (~> 1.0)
      nokogiri (>= 1.4.0)
    watu_table_builder (0.3.0)
    wavefile (0.6.0)
    websocket (1.2.2)
    xpath (2.0.0)
      nokogiri (~> 1.3)

PLATFORMS
  ruby

DEPENDENCIES
  airbrake
  apn_sender
  authlogic
  awesome_print
  aws-sdk (< 2.0.0)
  aws-sessionstore-dynamodb
  best_in_place
  capybara
  capybara-email
  capybara-screenshot
  chargify_api_ares (~> 1.0.5)
  ci_reporter_rspec
  ckeditor
  combined_time_select (~> 1.0.1)
  daemons
  database_cleaner
  dynamic_form
  execjs
  factory_girl_rails
  fastercsv
  flot-rails!
  geocoder
  haml
  hirb
  httparty
  inifile
  jquery-colorbox-rails (= 0.1.4)
  jquery-migrate-rails
  jquery-rails
  jquery-timepicker-rails
  jquery-ui-sass-rails
  jquery-validation-rails
  json
  kaminari
  license-to-kill!
  mysql2 (~> 0.3.10)
  paperclip (~> 4.0)
  pry
  pry-nav
  pry-stack_explorer
  rails (= 3.1.0)
  rails3-jquery-autocomplete
  rake
  rspec-rails
  ruby-audioinfo (~> 0.5.1)
  sass-rails (~> 3.1.0)
  savon (~> 1.2.0)
  selenium-webdriver
  shoryuken
  spring
  therubyracer
  timecop
  typhoeus
  uglifier
  unify-health!
  watu_table_builder
